{
  "PowerLineFrequency": 60,
  "SoftwareFilters": {
    "FilterDescription": {
      "Description": "NA"
    }
  },
  "ManufacturersModelName": "ActiveTwo",
  "Manufacturer": "BioSemi",
  "EEGPlacementScheme": "10-20",
  "EEGReference": "CMS/DRL",
  "CapManufacturersModelName": "32 channel",
  "InstitutionAddress": "Atlanta",
  "InstitutionalDepartmentName": "BME",
  "InstitutionName": "Georgia Institute of Technology",
  "CogAtlasID": "PEBL",
  "TaskName": "PVT",
  "EEGChannelCount": 32,
  "MiscChannelCount": 8,
  "RecordingType": "continuous",
  "RecordingDuration": 1113,
  "SamplingFrequency": 512
}